GEM
  remote: https://rubygems.org/
  specs:
    git (1.2.9.1)
    json (1.8.3)

PLATFORMS
  ruby

DEPENDENCIES
  git
  json

BUNDLED WITH
   1.11.2
